PATH
  remote: ../facter
  specs:
    facter (2.0.0rc4)

GEM
  remote: http://rubygems.org/
  specs:
    builder (2.1.2)
    cucumber (1.1.0)
      builder (>= 2.1.2)
      diff-lcs (>= 1.1.2)
      gherkin (~> 2.5.0)
      json (>= 1.4.6)
      term-ansicolor (>= 1.0.6)
    diff-lcs (1.1.3)
    gherkin (2.5.4)
      json (>= 1.4.6)
    json (1.6.5)
    metaclass (0.0.1)
    mocha (0.10.5)
      metaclass (~> 0.0.1)
    parallel (0.5.17)
    parallel_tests (0.8.4)
      parallel
    rack (1.2.2)
    rake (0.9.2.2)
    rspec (2.9.0)
      rspec-core (~> 2.9.0)
      rspec-expectations (~> 2.9.0)
      rspec-mocks (~> 2.9.0)
    rspec-core (2.9.0)
    rspec-expectations (2.9.1)
      diff-lcs (~> 1.1.3)
    rspec-mocks (2.9.0)
    sqlite3 (1.3.6)
    term-ansicolor (1.0.7)

PLATFORMS
  ruby

DEPENDENCIES
  cucumber
  facter!
  mocha (~> 0.10.5)
  parallel_tests (~> 0.8.4)
  rack (= 1.2.2)
  rake
  rspec (~> 2.9.0)
  sqlite3 (~> 1.3.3)
